GEM
  remote: https://rubygems.org/
  specs:
    coderay (1.1.3)
    dry-cli (0.7.0)
    kramdown (1.17.0)
    method_source (1.0.0)
    mustache (1.1.1)
    pry (0.13.1)
      coderay (~> 1.1)
      method_source (~> 1.0)
    pry-doc (1.1.0)
      pry (~> 0.11)
      yard (~> 0.9.11)
    unicode-display_width (2.0.0)
    webrick (1.7.0)
    yard (0.9.26)

PLATFORMS
  ruby
  x86_64-linux

DEPENDENCIES
  dry-cli
  kramdown (~> 1.11, >= 1.11.1)
  mustache (~> 1.0)
  pry (~> 0.13.1)
  pry-doc
  unicode-display_width (>= 1.3.3)
  webrick
  yard (~> 0.9.26)

BUNDLED WITH
   2.2.27
